PATH
  remote: .
  specs:
    tabularize (0.2.10)
      unicode-display_width (>= 2.0.0)

GEM
  remote: http://rubygems.org/
  specs:
    minitest (5.14.4)
    rake (13.0.6)
    unicode-display_width (2.0.0)

PLATFORMS
  x86_64-darwin-20

DEPENDENCIES
  minitest
  rake
  tabularize!

BUNDLED WITH
   2.2.25
