PATH
  remote: .
  specs:
    tabularize (0.2.5)
      unicode-display_width (~> 0.1.1)

GEM
  remote: http://rubygems.org/
  specs:
    ansi (1.4.3)
    awesome_print (1.0.2)
    unicode-display_width (0.1.1)

PLATFORMS
  java
  ruby

DEPENDENCIES
  ansi
  awesome_print
  tabularize!
