PATH
  remote: .
  specs:
    tabularize (0.2.10)
      unicode-display_width (>= 1.3.0)

GEM
  remote: http://rubygems.org/
  specs:
    minitest (5.10.3)
    unicode-display_width (1.3.0)

PLATFORMS
  java
  ruby

DEPENDENCIES
  minitest
  tabularize!

BUNDLED WITH
   1.15.4
